GEM
  remote: http://rubygems.org/
  specs:
    countries (0.8.1)
      currencies (= 0.4.0)
      currencies (>= 0.2.0)
    currencies (0.4.0)
    git (1.2.5)
    jeweler (1.6.4)
      bundler (~> 1.0)
      git (>= 1.2.5)
      rake
    rake (0.9.2.2)
    rcov (0.9.11)

PLATFORMS
  ruby

DEPENDENCIES
  bundler (~> 1.0.0)
  countries
  jeweler (~> 1.6.4)
  rcov
